GIT
  remote: https://github.com/barcoo/jasmine-gem
  revision: c744db681a679ec046363cab800eb319342d9901
  branch: rails4_support
  specs:
    jasmine (1.3.2)
      jasmine-core (~> 1.3.1)
      selenium-webdriver (>= 0.1.3)

GEM
  remote: http://rubygems.org/
  specs:
    addressable (2.3.8)
    childprocess (0.6.1)
      ffi (~> 1.0, >= 1.0.11)
    ffi (1.9.17)
    jasmine-core (1.3.1)
    json-schema (2.6.2)
      addressable (~> 2.3.8)
    rubyzip (1.2.1)
    selenium-webdriver (3.0.8)
      childprocess (~> 0.5)
      rubyzip (~> 1.0)
      websocket (~> 1.0)
    websocket (1.2.4)

PLATFORMS
  ruby

DEPENDENCIES
  jasmine!
  json-schema (~> 2.6.2)

BUNDLED WITH
   1.14.3
